GEM
  remote: https://rubygems.org/
  specs:
    colorize (0.7.7)
    mini_magick (4.0.4)

PLATFORMS
  ruby

DEPENDENCIES
  colorize
  mini_magick

BUNDLED WITH
   1.11.2
